{
    "TaskName": "seizure",
    "Manufacturer": "n/a",
    "PowerLineFrequency": "n/a",
    "SamplingFrequency": 2000.0,
    "SoftwareFilters": "n/a",
    "RecordingDuration": 4048.0585,
    "RecordingType": "continuous",
    "iEEGReference": "n/a",
    "ECOGChannelCount": 0,
    "SEEGChannelCount": 111,
    "EEGChannelCount": 21,
    "EOGChannelCount": 0,
    "ECGChannelCount": 2,
    "EMGChannelCount": 0,
    "MiscChannelCount": 3,
    "TriggerChannelCount": 0
}
