{
    "TaskName": "seizure",
    "Manufacturer": "n/a",
    "PowerLineFrequency": "n/a",
    "SamplingFrequency": 200.0,
    "SoftwareFilters": "n/a",
    "RecordingDuration": 3630.275,
    "RecordingType": "continuous",
    "iEEGReference": "n/a",
    "ECOGChannelCount": 0,
    "SEEGChannelCount": 155,
    "EEGChannelCount": 2,
    "EOGChannelCount": 0,
    "ECGChannelCount": 2,
    "EMGChannelCount": 0,
    "MiscChannelCount": 3,
    "TriggerChannelCount": 0
}
